GEM
  remote: https://rubygems.vpsfree.cz/
  specs:
    binman (5.1.0)
      opener (>= 0.1.0, < 1)
    gli (2.17.2)
    highline (1.7.10)
    ipaddress (0.8.3)
    json (2.3.0)
    md2man (5.1.2)
      binman (~> 5.0)
      redcarpet (~> 3.0)
      rouge (~> 3.0)
    opener (0.1.0)
    osctl-env-exec (19.09.0.build20200306145209)
      gli (~> 2.17.1)
      highline (~> 1.7.10)
      ipaddress (~> 0.8.3)
      json
      md2man
      rake
      rake-compiler
      ruby-progressbar (~> 1.9.0)
      yard
    rake (13.0.1)
    rake-compiler (1.1.0)
      rake
    redcarpet (3.5.1)
    rouge (3.16.0)
    ruby-progressbar (1.9.0)
    yard (0.9.24)

PLATFORMS
  ruby

DEPENDENCIES
  osctl-env-exec (= 19.09.0.build20200306145209)

BUNDLED WITH
   1.17.3
